GEM
  remote: http://rubygems.org/
  specs:
    awesome_print (1.7.0)
    bson (4.0.1)
    mini_portile2 (2.1.0)
    mongo (2.2.2)
      bson (~> 4.0)
    nokogiri (1.7.2)
      mini_portile2 (~> 2.1.0)

PLATFORMS
  ruby

DEPENDENCIES
  awesome_print
  mongo (~> 2.1)
  nokogiri

BUNDLED WITH
   1.14.6
